GIT
  remote: gitlab:bbc_service_map.git
  revision: 085117aaf5baf75043889034b4c15e8835a8d4aa
  branch: master
  specs:
    bbc_service_map (0.0.4)

GIT
  remote: https://github.com/bbcrd/stats_protocol.git
  revision: 6d813ea753695863c7bebbdb6ecef5e2ef5b274f
  branch: master
  specs:
    stats_protocol (1.0.0)

GEM
  remote: https://rubygems.org/
  specs:
    addressable (2.3.4)
    coderay (1.0.9)
    cookiejar (0.3.0)
    crack (0.3.2)
    daemons (1.1.9)
    dalli (2.6.2)
    diff-lcs (1.2.4)
    dotenv (0.7.0)
    em-http-request (1.0.3)
      addressable (>= 2.2.3)
      cookiejar
      em-socksify
      eventmachine (>= 1.0.0.beta.4)
      http_parser.rb (>= 0.5.3)
    em-logger (0.0.1)
      eventmachine (>= 0.12.10)
    em-socksify (0.2.1)
      eventmachine (>= 1.0.0.beta.4)
    eventmachine (1.0.3)
    foreman (0.63.0)
      dotenv (>= 0.7)
      thor (>= 0.13.6)
    http_parser.rb (0.5.3)
    json (1.7.7)
    method_source (0.8.1)
    mina (0.2.1)
      open4
      rake
    multi_json (1.7.3)
    open4 (1.3.0)
    pry (0.9.12.1)
      coderay (~> 1.0.5)
      method_source (~> 0.8)
      slop (~> 3.4)
    rack (1.5.2)
    rack-protection (1.5.0)
      rack
    rake (10.0.4)
    redcarpet (2.2.2)
    rspec (2.13.0)
      rspec-core (~> 2.13.0)
      rspec-expectations (~> 2.13.0)
      rspec-mocks (~> 2.13.0)
    rspec-core (2.13.1)
    rspec-expectations (2.13.0)
      diff-lcs (>= 1.1.3, < 2.0)
    rspec-mocks (2.13.1)
    rubberband (0.9.8)
      multi_json
    settingslogic (2.0.9)
    simplecov (0.7.1)
      multi_json (~> 1.0)
      simplecov-html (~> 0.7.1)
    simplecov-html (0.7.1)
    sinatra (1.4.2)
      rack (~> 1.5, >= 1.5.2)
      rack-protection (~> 1.4)
      tilt (~> 1.3, >= 1.3.4)
    slop (3.4.4)
    thin (1.5.1)
      daemons (>= 1.0.9)
      eventmachine (>= 0.12.6)
      rack (>= 1.0.0)
    thor (0.18.1)
    tilt (1.4.0)
    webmock (1.11.0)
      addressable (>= 2.2.7)
      crack (>= 0.3.2)
    yard (0.8.6.1)

PLATFORMS
  ruby

DEPENDENCIES
  bbc_service_map!
  dalli
  em-http-request
  em-logger
  eventmachine
  foreman
  json
  mina
  pry
  rake
  redcarpet
  rspec
  rubberband
  settingslogic
  simplecov
  sinatra
  stats_protocol!
  thin
  webmock
  yard
